GIT
  remote: https://github.com/dchbx/nfp_integration.git
  revision: d18de451814725fec2de74e9d580e041a7d9b9e8
  tag: 0.0.11
  specs:
    nfp_integration (0.0.10)
      nokogiri (~> 1.6)

GEM
  remote: https://rubygems.org/
  specs:
    activemodel (4.1.8)
      activesupport (= 4.1.8)
      builder (~> 3.1)
    activesupport (4.1.8)
      i18n (~> 0.6, >= 0.6.9)
      json (~> 1.7, >= 1.7.7)
      minitest (~> 5.1)
      thread_safe (~> 0.1)
      tzinfo (~> 1.1)
    amq-protocol (1.9.2)
    bson (4.0.4)
    builder (3.2.2)
    bunny (1.6.3)
      amq-protocol (>= 1.9.2)
    capistrano (3.2.1)
      i18n
      rake (>= 10.0.0)
      sshkit (~> 1.3)
    capistrano-bundler (1.1.3)
      capistrano (~> 3.1)
      sshkit (~> 1.2)
    capistrano-scm-gitcopy (0.0.7)
      capistrano (~> 3.0)
    celluloid (0.15.2)
      timers (~> 1.1.0)
    celluloid-io (0.15.0)
      celluloid (>= 0.15.0)
      nio4r (>= 0.5.0)
    colorize (0.7.5)
    diff-lcs (1.2.5)
    eye (0.6.4)
      celluloid (~> 0.15.0)
      celluloid-io (~> 0.15.0)
      sigar (~> 0.7.2)
      state_machine
      thor
    faraday (0.11.0)
      multipart-post (>= 1.2, < 3)
    forkr (1.0.2)
    haml (4.0.6)
      tilt
    http_router (0.11.1)
      rack (>= 1.0.0)
      url_mount (~> 0.2.1)
    httparty (0.16.2)
      multi_xml (>= 0.5.2)
    i18n (0.7.0)
    json (1.8.1)
    kgio (2.9.2)
    mail (2.5.4)
      mime-types (~> 1.16)
      treetop (~> 1.4.8)
    mime-types (1.25.1)
    mini_portile (0.6.1)
    minitest (5.5.0)
    moneta (0.7.20)
    mongo (2.2.4)
      bson (~> 4.0)
    mongoid (5.1.1)
      activemodel (~> 4.0)
      mongo (~> 2.1)
      origin (~> 2.2)
      tzinfo (>= 0.3.37)
    multi_xml (0.6.0)
    multipart-post (2.0.0)
    net-scp (1.2.1)
      net-ssh (>= 2.6.5)
    net-sftp (2.1.2)
      net-ssh (>= 2.6.5)
    net-ssh (2.9.1)
    nio4r (2.0.0)
    nokogiri (1.6.5)
      mini_portile (~> 0.6.0)
    nokogiri-happymapper (0.5.9)
      nokogiri (~> 1.5)
    origin (2.2.0)
    padrino (0.12.4)
      padrino-admin (= 0.12.4)
      padrino-cache (= 0.12.4)
      padrino-core (= 0.12.4)
      padrino-gen (= 0.12.4)
      padrino-helpers (= 0.12.4)
      padrino-mailer (= 0.12.4)
      padrino-support (= 0.12.4)
    padrino-admin (0.12.4)
      padrino-core (= 0.12.4)
      padrino-helpers (= 0.12.4)
    padrino-cache (0.12.4)
      moneta (~> 0.7.0)
      padrino-core (= 0.12.4)
      padrino-helpers (= 0.12.4)
    padrino-core (0.12.4)
      activesupport (>= 3.1)
      http_router (~> 0.11.0)
      padrino-support (= 0.12.4)
      rack-protection (>= 1.5.0)
      sinatra (~> 1.4.2)
      thor (~> 0.18)
    padrino-gen (0.12.4)
      bundler (~> 1.0)
      padrino-core (= 0.12.4)
    padrino-helpers (0.12.4)
      i18n (~> 0.6, >= 0.6.7)
      padrino-support (= 0.12.4)
      tilt (~> 1.4.1)
    padrino-mailer (0.12.4)
      mail (~> 2.5.3)
      padrino-core (= 0.12.4)
    padrino-support (0.12.4)
      activesupport (>= 3.1)
    polyglot (0.3.5)
    rack (1.6.2)
    rack-protection (1.5.3)
      rack
    rack-test (0.6.2)
      rack (>= 1.0)
    raindrops (0.13.0)
    rake (10.4.2)
    rspec (3.1.0)
      rspec-core (~> 3.1.0)
      rspec-expectations (~> 3.1.0)
      rspec-mocks (~> 3.1.0)
    rspec-core (3.1.7)
      rspec-support (~> 3.1.0)
    rspec-expectations (3.1.2)
      diff-lcs (>= 1.2.0, < 2.0)
      rspec-support (~> 3.1.0)
    rspec-mocks (3.1.3)
      rspec-support (~> 3.1.0)
    rspec-support (3.1.2)
    rspec_junit_formatter (0.2.3)
      builder (< 4)
      rspec-core (>= 2, < 4, != 2.12.0)
    rubyzip (1.2.4)
    sigar (0.7.3)
    sinatra (1.4.5)
      rack (~> 1.4)
      rack-protection (~> 1.4)
      tilt (~> 1.3, >= 1.3.4)
    sshkit (1.6.1)
      colorize (>= 0.7.0)
      net-scp (>= 1.1.2)
      net-ssh (>= 2.8.0)
    state_machine (1.2.0)
    thor (0.19.1)
    thread_safe (0.3.4)
    tilt (1.4.1)
    timers (1.1.0)
    treetop (1.4.15)
      polyglot
      polyglot (>= 0.3.1)
    tzinfo (1.2.2)
      thread_safe (~> 0.1)
    unicorn (4.8.3)
      kgio (~> 2.6)
      rack
      raindrops (~> 0.7)
    url_mount (0.2.1)
      rack

PLATFORMS
  ruby

DEPENDENCIES
  activemodel (= 4.1.8)
  activesupport (= 4.1.8)
  bson (= 4.0.4)
  bunny (= 1.6.3)
  capistrano (= 3.2.1)
  capistrano-bundler
  capistrano-scm-gitcopy (= 0.0.7)
  eye (= 0.6.4)
  faraday (= 0.11.0)
  forkr (= 1.0.2)
  haml (= 4.0.6)
  httparty
  mongoid (= 5.1.1)
  net-sftp (= 2.1.2)
  net-ssh (= 2.9.1)
  nfp_integration!
  nokogiri (= 1.6.5)
  nokogiri-happymapper (= 0.5.9)
  origin (= 2.2.0)
  padrino (= 0.12.4)
  rack-test
  rake
  rspec
  rspec_junit_formatter (= 0.2.3)
  rubyzip
  unicorn (= 4.8.3)

BUNDLED WITH
   1.15.3
